##TITLE= Parameter file, TopSpin 3.6.2
##JCAMPDX= 5.0
##DATATYPE= Parameter Values
##NPOINTS= 18	$$ modification sequence number
##ORIGIN= Bruker BioSpin GmbH
##OWNER= nmrsu
$$ 2026-03-24 14:22:50.353 +0000  nmrsu@CZC3047DVN
$$ C:/Data/2026/va/rc/enoxolone/14/acqu2s
$$ process C:\Bruker\TopSpin3.6.2\prog\mod\go4.exe
##$ACQT0= 0
##$BF1= 500.13
##$FnMODE= 6
##$NUC1= <1H>
##$NusJSP= 0
##$NusT2= 1
##$NusTD= 16
##$O1= 2142.132
##$ProjAngle= 0
##$SFO1= 500.132142132
##$SW= 0.0999735785563718
##$SW_h= 50
##$TD= 16
##END=
